PATH
  remote: .
  specs:
    smile (0.4.4)
      activesupport (>= 3.0)
      i18n
      rest-client
      yajl-ruby (>= 0.7.8)

GEM
  remote: http://rubygems.org/
  specs:
    activesupport (3.0.0)
    concurrent-ruby (1.1.10)
    fakeweb (1.3.0)
    i18n (0.9.5)
      concurrent-ruby (~> 1.0)
    mime-types (1.16)
    minitest (2.0.2)
    rest-client (1.6.1)
      mime-types (>= 1.16)
    vcr (1.2.0)
    yajl-ruby (0.7.8)

PLATFORMS
  ruby

DEPENDENCIES
  bundler (>= 1.0.0)
  fakeweb
  minitest
  smile!
  vcr
